GEM
  remote: https://rubygems.org/
  specs:
    cssminify (1.0.2)
    csv (3.2.7)
    httparty (0.21.0)
      mini_mime (>= 1.0.0)
      multi_xml (>= 0.5.2)
    json (2.6.3)
    mini_mime (1.1.5)
    multi_xml (0.6.0)
    optparse (0.3.1)

PLATFORMS
  arm64-darwin-22
  x86_64-linux

DEPENDENCIES
  cssminify
  csv
  httparty
  json
  optparse

BUNDLED WITH
   2.4.20
