GEM
  remote: https://rubygems.org/
  specs:
    bigdecimal (3.1.9)
    cssminify (1.0.2)
    csv (3.3.4)
    httparty (0.23.1)
      csv
      mini_mime (>= 1.0.0)
      multi_xml (>= 0.5.2)
    json (2.12.2)
    mini_mime (1.1.5)
    multi_xml (0.7.1)
      bigdecimal (~> 3.1)
    optparse (0.6.0)

PLATFORMS
  arm64-darwin-22
  x86_64-linux

DEPENDENCIES
  cssminify
  csv
  httparty
  json
  optparse

BUNDLED WITH
   2.4.20
