GEM
  remote: https://rubygems.org/
  specs:
    cssminify (1.0.2)
    csv (3.3.0)
    httparty (0.22.0)
      csv
      mini_mime (>= 1.0.0)
      multi_xml (>= 0.5.2)
    json (2.8.2)
    mini_mime (1.1.5)
    multi_xml (0.6.0)
    optparse (0.5.0)

PLATFORMS
  arm64-darwin-22
  x86_64-linux

DEPENDENCIES
  cssminify
  csv
  httparty
  json
  optparse

BUNDLED WITH
   2.4.20
